PATH
  remote: .
  specs:
    cool.io (1.1.0)
      iobuffer (>= 1.0.0)

GEM
  remote: http://rubygems.org/
  specs:
    diff-lcs (1.1.2)
    iobuffer (1.0.0)
    rake (0.9.2)
    rake-compiler (0.7.9)
      rake
    rdoc (3.6.1)
    rspec (2.6.0)
      rspec-core (~> 2.6.0)
      rspec-expectations (~> 2.6.0)
      rspec-mocks (~> 2.6.0)
    rspec-core (2.6.4)
    rspec-expectations (2.6.0)
      diff-lcs (~> 1.1.2)
    rspec-mocks (2.6.0)

PLATFORMS
  ruby

DEPENDENCIES
  cool.io!
  rake-compiler (~> 0.7.9)
  rdoc (>= 3.6.0)
  rspec (>= 2.6.0)
